GEM
  remote: http://rubygems.org/
  specs:
    abstract (1.0.0)
    actionmailer (3.0.10)
      actionpack (= 3.0.10)
      mail (~> 2.2.19)
    actionpack (3.0.10)
      activemodel (= 3.0.10)
      activesupport (= 3.0.10)
      builder (~> 2.1.2)
      erubis (~> 2.6.6)
      i18n (~> 0.5.0)
      rack (~> 1.2.1)
      rack-mount (~> 0.6.14)
      rack-test (~> 0.5.7)
      tzinfo (~> 0.3.23)
    activemodel (3.0.10)
      activesupport (= 3.0.10)
      builder (~> 2.1.2)
      i18n (~> 0.5.0)
    activerecord (3.0.10)
      activemodel (= 3.0.10)
      activesupport (= 3.0.10)
      arel (~> 2.0.10)
      tzinfo (~> 0.3.23)
    activeresource (3.0.10)
      activemodel (= 3.0.10)
      activesupport (= 3.0.10)
    activesupport (3.0.10)
    addressable (2.2.6)
    arel (2.0.10)
    builder (2.1.2)
    crack (0.3.1)
    diff-lcs (1.1.3)
    erubis (2.6.6)
      abstract (>= 1.0.0)
    factory_girl (2.1.2)
      activesupport
    faker (1.0.1)
      i18n (~> 0.4)
    faraday (0.6.1)
      addressable (~> 2.2.4)
      multipart-post (~> 1.1.0)
      rack (>= 1.1.0, < 2)
    faraday_middleware (0.6.5)
      faraday (~> 0.6.0)
    flying-sphinx (0.6.0)
      faraday (~> 0.6.1)
      faraday_middleware (~> 0.6.3)
      multi_json (~> 1.0.1)
      net-ssh (>= 2.0.23)
      rash (~> 0.3.0)
      thinking-sphinx
    geokit (1.6.0)
    geokit-rails3 (0.1.5)
      geokit (~> 1.5)
      rails (~> 3.0)
    gmaps4rails (1.3.0)
      crack
    gravatar_image_tag (1.0.0)
    hashie (1.1.0)
    i18n (0.5.0)
    mail (2.2.19)
      activesupport (>= 2.3.6)
      i18n (>= 0.4.0)
      mime-types (~> 1.16)
      treetop (~> 1.4.8)
    mime-types (1.16)
    multi_json (1.0.3)
    multipart-post (1.1.3)
    mysql2 (0.2.13)
    net-ssh (2.2.1)
    nokogiri (1.5.0)
    polyglot (0.3.2)
    rack (1.2.4)
    rack-mount (0.6.14)
      rack (>= 1.0.0)
    rack-test (0.5.7)
      rack (>= 1.0)
    rails (3.0.10)
      actionmailer (= 3.0.10)
      actionpack (= 3.0.10)
      activerecord (= 3.0.10)
      activeresource (= 3.0.10)
      activesupport (= 3.0.10)
      bundler (~> 1.0)
      railties (= 3.0.10)
    railties (3.0.10)
      actionpack (= 3.0.10)
      activesupport (= 3.0.10)
      rake (>= 0.8.7)
      rdoc (~> 3.4)
      thor (~> 0.14.4)
    rake (0.9.2)
    rash (0.3.1)
      hashie (~> 1.1.0)
    rdoc (3.9.4)
    riddle (1.4.0)
    rspec (2.0.1)
      rspec-core (~> 2.0.1)
      rspec-expectations (~> 2.0.1)
      rspec-mocks (~> 2.0.1)
    rspec-core (2.0.1)
    rspec-expectations (2.0.1)
      diff-lcs (>= 1.1.2)
    rspec-mocks (2.0.1)
      rspec-core (~> 2.0.1)
      rspec-expectations (~> 2.0.1)
    rspec-rails (2.0.1)
      rspec (~> 2.0.0)
    thinking-sphinx (2.0.9)
      activerecord (>= 3.0.3)
      builder (>= 2.1.2)
      riddle (>= 1.3.3)
    thor (0.14.6)
    treetop (1.4.10)
      polyglot
      polyglot (>= 0.3.1)
    tzinfo (0.3.30)
    webrat (0.7.1)
      nokogiri (>= 1.2.0)
      rack (>= 1.0)
      rack-test (>= 0.5.3)
    will_paginate (3.0.2)

PLATFORMS
  ruby

DEPENDENCIES
  factory_girl (~> 2.1.0)
  faker (~> 1.0.0)
  flying-sphinx (~> 0.6.0)
  geokit
  geokit-rails3 (~> 0.1.5)
  gmaps4rails (~> 1.3.0)
  gravatar_image_tag (~> 1.0.0)
  mysql2 (~> 0.2.11)
  rails (= 3.0.10)
  rspec (= 2.0.1)
  rspec-rails (= 2.0.1)
  thinking-sphinx (~> 2.0.9)
  webrat (= 0.7.1)
  will_paginate (~> 3.0.0)
